GEM
  remote: https://rubygems.org/
  specs:
    addressable (2.5.2)
      public_suffix (>= 2.0.2, < 4.0)
    byebug (10.0.2)
    faraday (0.15.2)
      multipart-post (>= 1.2, < 3)
    mini_portile2 (2.3.0)
    multipart-post (2.0.0)
    nokogiri (1.8.4)
      mini_portile2 (~> 2.3.0)
    public_suffix (3.0.3)

PLATFORMS
  ruby

DEPENDENCIES
  addressable (= 2.5.2)!
  byebug (= 10.0.2)!
  faraday (= 0.15.2)!
  nokogiri (= 1.8.4)!

BUNDLED WITH
   1.16.3
